GEM
  remote: https://rubygems.org/
  specs:
    addressable (2.8.0)
      public_suffix (>= 2.0.2, < 5.0)
    byebug (11.1.3)
    coderay (1.1.3)
    geoclue (0.1.2)
      ruby-dbus (~> 0.15.0)
    method_source (1.0.0)
    mini_portile2 (2.5.3)
    nokogiri (1.11.7)
      mini_portile2 (~> 2.5.0)
      racc (~> 1.4)
    nokogiri (1.11.7-x86_64-linux)
      racc (~> 1.4)
    open_uri_redirections (0.2.1)
    pry (0.13.1)
      coderay (~> 1.1)
      method_source (~> 1.0)
    pry-byebug (3.9.0)
      byebug (~> 11.0)
      pry (~> 0.13.0)
    pry-doc (1.1.0)
      pry (~> 0.11)
      yard (~> 0.9.11)
    public_suffix (4.0.6)
    racc (1.5.2)
    rdoc (6.1.1)
    ruby-dbus (0.15.0)
    yard (0.9.26)

PLATFORMS
  ruby
  x86_64-linux

DEPENDENCIES
  addressable (~> 2.8)
  geoclue
  nokogiri
  open_uri_redirections
  pry (~> 0.13.1)
  pry-byebug (~> 3.9.0)
  pry-doc (~> 1.1.0)
  rdoc

BUNDLED WITH
   2.2.25
