GEM
  remote: https://rubygems.org/
  specs:
    rdoc (6.0.4)

PLATFORMS
  ruby

DEPENDENCIES
  rdoc

BUNDLED WITH
   1.13.6
