GEM
  remote: https://rubygems.org/
  specs:
    rdoc (6.1.1)

PLATFORMS
  ruby

DEPENDENCIES
  rdoc

BUNDLED WITH
   2.0.2
