GEM
  remote: https://rubygems.org/
  specs:
    rdoc (6.1.1)

PLATFORMS
  ruby
  x86_64-linux

DEPENDENCIES
  rdoc

BUNDLED WITH
   2.2.2
